NUGET
  remote: https://nuget.org/api/v2
  specs:
    FAKE (4.7.2)
    ICSharpCode.Decompiler (2.3.1)
      ICSharpCode.NRefactory (>= 5.5.1)
      Mono.Cecil (>= 0.9.5.4)
    ICSharpCode.NRefactory (5.5.1)
      Mono.Cecil (>= 0.9.5.4)
    Mono.Cecil (0.9.6.1)
